GIT
  remote: http://github.com/cucumber/aruba.git
  revision: fccb412d18d699b7ecacd0da6b2e5338987cf4eb
  specs:
    aruba (0.5.4)
      childprocess (>= 0.3.6)
      cucumber (>= 1.1.1)
      rspec-expectations (>= 2.7.0)

GEM
  remote: https://rubygems.org/
  specs:
    builder (3.2.2)
    childprocess (0.5.3)
      ffi (~> 1.0, >= 1.0.11)
    cucumber (1.3.10)
      builder (>= 2.1.2)
      diff-lcs (>= 1.1.3)
      gherkin (~> 2.12)
      multi_json (>= 1.7.5, < 2.0)
      multi_test (>= 0.0.2)
    diff-lcs (1.2.5)
    ffi (1.9.3)
    ffi (1.9.3-x86-mingw32)
    gherkin (2.12.2)
      multi_json (~> 1.3)
    gherkin (2.12.2-x86-mingw32)
      multi_json (~> 1.3)
    multi_json (1.8.4)
    multi_test (0.0.3)
    rspec-expectations (2.14.5)
      diff-lcs (>= 1.1.3, < 2.0)

PLATFORMS
  ruby
  x86-mingw32

DEPENDENCIES
  aruba!
  cucumber
